GEM
  remote: http://rubygems.org/
  specs:
    addressable (2.4.0)
    ansi (1.5.0)
    ast (2.3.0)
    domain_name (0.5.20160615)
      unf (>= 0.0.5, < 1.0.0)
    highline (1.7.8)
    http (2.0.3)
      addressable (~> 2.3)
      http-cookie (~> 1.0)
      http-form_data (~> 1.0.1)
      http_parser.rb (~> 0.6.0)
    http-cookie (1.0.2)
      domain_name (~> 0.5)
    http-form_data (1.0.1)
    http_parser.rb (0.6.0)
    oga (2.3)
      ast
      ruby-ll (~> 2.1)
    ruby-ll (2.1.2)
      ansi
      ast
    unf (0.1.4)
      unf_ext
    unf_ext (0.0.7.2)

PLATFORMS
  ruby

DEPENDENCIES
  highline (= 1.7.8)
  http (= 2.0.3)
  oga (= 2.3)

BUNDLED WITH
   1.12.5
